GEM
  remote: https://rubygems.org/
  specs:
    jasmine (3.1.0)
      jasmine-core (= 3.1.0)
      phantomjs
      rack (>= 1.2.1)
      rake
    jasmine-core (3.1.0)
    phantomjs (2.1.1.0)
    rack (2.0.4)
    rake (12.3.1)

PLATFORMS
  ruby

DEPENDENCIES
  jasmine

BUNDLED WITH
   1.16.1
