GEM
  remote: https://rubygems.org/
  specs:
    cuba (3.3.0)
      rack
    daemons (1.1.9)
    eventmachine (1.0.4)
    rack (1.6.0)
    thin (1.6.3)
      daemons (~> 1.0, >= 1.0.9)
      eventmachine (~> 1.0)
      rack (~> 1.0)
    tilt (1.4.1)

PLATFORMS
  ruby

DEPENDENCIES
  cuba
  thin
  tilt
