GEM
  remote: https://rubygems.org/
  specs:
    rack (2.0.3)

PLATFORMS
  ruby

DEPENDENCIES
  rack

RUBY VERSION
   ruby 2.4.0p0

BUNDLED WITH
   1.15.3
